PATH
  remote: .
  specs:
    rtp (0.1.5)
      bindata (~> 1.4)
      log_switch (>= 0.4.0)

GEM
  remote: http://rubygems.org/
  specs:
    bindata (1.8.3)
    diff-lcs (1.2.5)
    docile (1.1.5)
    log_switch (1.0.0)
    mini_portile (0.6.0)
    multi_json (1.10.1)
    nokogiri (1.6.3.1)
      mini_portile (= 0.6.0)
    nokogiri (1.6.3.1-java)
    rake (10.3.2)
    rspec (2.99.0)
      rspec-core (~> 2.99.0)
      rspec-expectations (~> 2.99.0)
      rspec-mocks (~> 2.99.0)
    rspec-core (2.99.2)
    rspec-expectations (2.99.2)
      diff-lcs (>= 1.1.3, < 2.0)
    rspec-mocks (2.99.2)
    simplecov (0.9.1)
      docile (~> 1.1.0)
      multi_json (~> 1.0)
      simplecov-html (~> 0.8.0)
    simplecov-html (0.8.0)
    tailor (1.4.0)
      log_switch (>= 0.3.0)
      nokogiri (>= 1.6.0)
      term-ansicolor (>= 1.0.5)
      text-table (>= 1.2.2)
    term-ansicolor (1.3.0)
      tins (~> 1.0)
    text-table (1.2.3)
    tins (1.3.3)
    yard (0.8.7.4)

PLATFORMS
  java
  ruby

DEPENDENCIES
  bundler
  rake
  rspec (~> 2)
  rtp!
  simplecov
  tailor (>= 1.1.2)
  yard (>= 0.7.2)
